GEM
  remote: http://rubygems.org/
  specs:
    chunky_png (1.3.1)
    compass (1.0.0.alpha.21)
      chunky_png (~> 1.2)
      compass-core (~> 1.0.0.alpha.21)
      compass-import-once (~> 1.0.4)
      rb-fsevent (>= 0.9.3)
      rb-inotify (>= 0.9)
      sass (>= 3.3.0, < 3.5)
    compass-core (1.0.0.alpha.21)
      multi_json (~> 1.0)
      sass (>= 3.3.0, < 3.5)
    compass-import-once (1.0.4)
      sass (>= 3.2, < 3.5)
    ffi (1.9.3)
    multi_json (1.10.1)
    rainbow (2.0.0)
    rb-fsevent (0.9.4)
    rb-inotify (0.9.5)
      ffi (>= 0.5.0)
    sass (3.3.11)
    sass-css-importer (1.0.0.beta.0)
      sass (>= 3.1)
    scss-lint (0.25.1)
      rainbow (~> 2.0)
      sass (~> 3.3.0)
    susy (2.1.3)
      sass (>= 3.3.0, < 3.5)

PLATFORMS
  ruby

DEPENDENCIES
  compass (~> 1.0.0.alpha.21)
  sass (~> 3.3.10)
  sass-css-importer (~> 1.0.0.beta.0)
  scss-lint (~> 0.25.1)
  susy (~> 2.1.3)
